GEM
  remote: https://rubygems.org/
  specs:
    ethon (0.7.1)
      ffi (>= 1.3.0)
    faraday (0.9.0)
      multipart-post (>= 1.2, < 3)
    faraday_middleware (0.9.1)
      faraday (>= 0.7.4, < 0.10)
    ffi (1.9.6)
    json (1.8.1)
    mini_portile (0.6.1)
    multipart-post (2.0.0)
    nokogiri (1.6.5)
      mini_portile (~> 0.6.0)
    rack (1.5.2)
    rack-protection (1.5.3)
      rack
    sinatra (1.4.5)
      rack (~> 1.4)
      rack-protection (~> 1.4)
      tilt (~> 1.3, >= 1.3.4)
    tilt (1.4.1)
    typhoeus (0.6.9)
      ethon (>= 0.7.1)

PLATFORMS
  ruby

DEPENDENCIES
  faraday (~> 0.9.0)
  faraday_middleware (~> 0.9.1)
  json
  nokogiri
  sinatra
  typhoeus (~> 0.6.7)
